PATH
  remote: .
  specs:
    meis (0.0.1)
      terminal-table (~> 1.8.0)

GEM
  remote: https://rubygems.org/
  specs:
    minitest (5.11.3)
    rake (10.5.0)
    terminal-table (1.8.0)
      unicode-display_width (~> 1.1, >= 1.1.1)
    unicode-display_width (1.3.0)

PLATFORMS
  ruby

DEPENDENCIES
  bundler (~> 1.16)
  meis!
  minitest (~> 5.0)
  rake (~> 10.0)

BUNDLED WITH
   1.16.1
